GEM
  remote: https://rubygems.org/
  specs:
    bcrypt (3.1.10)
    haml (4.0.6)
      tilt
    rack (1.5.2)
    rack-protection (1.5.3)
      rack
    sequel (4.19.0)
    sequel_secure_password (0.2.11)
      bcrypt (>= 3.1, < 4.0)
      sequel (>= 4.1.0, < 5.0)
    shotgun (0.9)
      rack (>= 1.0)
    sinatra (1.4.5)
      rack (~> 1.4)
      rack-protection (~> 1.4)
      tilt (~> 1.3, >= 1.3.4)
    sinatra-flash (0.3.0)
      sinatra (>= 1.0.0)
    sinatra-redirect-with-flash (0.2.1)
      sinatra (>= 1.0.0)
    sqlite3 (1.3.10)
    tilt (1.4.1)

PLATFORMS
  ruby

DEPENDENCIES
  haml
  rack (= 1.5.2)
  sequel
  sequel_secure_password
  shotgun
  sinatra
  sinatra-flash
  sinatra-redirect-with-flash
  sqlite3
